GEM
  remote: https://rubygems.org/
  specs:
    childprocess (0.9.0)
      ffi (~> 1.0, >= 1.0.11)
    domain_name (0.5.20180417)
      unf (>= 0.0.5, < 1.0.0)
    ffi (1.10.0)
    http-cookie (1.0.3)
      domain_name (~> 0.5)
    mime-types (3.2.2)
      mime-types-data (~> 3.2015)
    mime-types-data (3.2018.0812)
    mustermann (1.0.3)
    netrc (0.11.0)
    rack (2.0.5)
    rack-protection (2.0.4)
      rack
    rest-client (2.0.2)
      http-cookie (>= 1.0.2, < 2.0)
      mime-types (>= 1.16, < 4.0)
      netrc (~> 0.8)
    safe_ruby (1.0.4)
      childprocess (>= 0.3.9)
    sinatra (2.0.4)
      mustermann (~> 1.0)
      rack (~> 2.0)
      rack-protection (= 2.0.4)
      tilt (~> 2.0)
    tilt (2.0.8)
    unf (0.1.4)
      unf_ext
    unf_ext (0.0.7.5)

PLATFORMS
  ruby

DEPENDENCIES
  rest-client
  safe_ruby
  sinatra

RUBY VERSION
   ruby 2.5.3p105

BUNDLED WITH
   1.16.6
